NUGET
  remote: https://www.nuget.org/api/v2
    Microsoft.Web.Xdt (2.1.1)
    NuGet.Core (2.10.1)
      Microsoft.Web.Xdt (>= 2.1)
    Ookii.CommandLine (2.2)
